GEM
  remote: https://rubygems.org/
  specs:
    builder (3.1.4)
    haml (3.1.7)
    json (1.7.5)
    rack (1.4.1)
    rack-protection (1.2.0)
      rack
    simple-rss (1.2.3)
    sinatra (1.3.3)
      rack (~> 1.3, >= 1.3.6)
      rack-protection (~> 1.2)
      tilt (~> 1.3, >= 1.3.3)
    tilt (1.3.3)

PLATFORMS
  ruby

DEPENDENCIES
  builder
  haml
  json
  rack
  simple-rss
  sinatra
